GEM
  remote: https://rubygems.org/
  specs:
    CFPropertyList (2.3.2)
    awesome_print (1.7.0)
    builder (3.2.2)
    calabash-android (0.8.0)
      awesome_print (~> 1.2)
      cucumber
      escape (~> 0.0.4)
      httpclient (>= 2.3.2, < 3.0)
      json (~> 1.8)
      luffa
      rubyzip (~> 1.1)
      slowhandcuke (~> 0.0.3)
    calabash-common (0.0.2)
    calabash-cucumber (0.19.0)
      awesome_print
      bundler (~> 1.3)
      clipboard (~> 1.0)
      cucumber
      edn (>= 1.0.6, < 2.0)
      geocoder (>= 1.1.8, < 2.0)
      httpclient (>= 2.3.2, < 3.0)
      json
      run_loop (>= 2.1.1, < 3.0)
      slowhandcuke (~> 0.0.3)
    clipboard (1.1.0)
    command_runner_ng (0.1.0)
    cucumber (2.4.0)
      builder (>= 2.1.2)
      cucumber-core (~> 1.5.0)
      cucumber-wire (~> 0.0.1)
      diff-lcs (>= 1.1.3)
      gherkin (~> 4.0)
      multi_json (>= 1.7.5, < 2.0)
      multi_test (>= 0.1.2)
    cucumber-core (1.5.0)
      gherkin (~> 4.0)
    cucumber-wire (0.0.1)
    diff-lcs (1.2.5)
    edn (1.1.1)
    escape (0.0.4)
    geocoder (1.3.7)
    gherkin (4.0.0)
    httpclient (2.8.0)
    json (1.8.3)
    luffa (2.0.0)
      awesome_print (~> 1.2)
      json (~> 1.8)
      retriable (>= 1.3.3.1, < 2.1)
      thor (~> 0.19)
    multi_json (1.12.1)
    multi_test (0.1.2)
    retriable (2.0.2)
    rubyzip (1.2.1)
    run_loop (2.1.3)
      CFPropertyList (~> 2.2)
      awesome_print (~> 1.2)
      command_runner_ng (>= 0.0.2)
      httpclient (~> 2.6)
      json (~> 1.8)
      thor (>= 0.18.1, < 1.0)
    slowhandcuke (0.0.3)
      cucumber
    thor (0.19.1)

PLATFORMS
  ruby

DEPENDENCIES
  calabash-android (= 0.8.0)
  calabash-common
  calabash-cucumber (= 0.19.0)

BUNDLED WITH
   1.12.4
